GEM
  remote: https://rubygems.org/
  remote: http://10.40.10.3:9292/
  specs:
    byebug (11.0.1)
    cfgstore (2.0.0)
      hashie
      monkey-hash
    coderay (1.1.2)
    diff-lcs (1.3)
    hashie (4.0.0)
    irb (1.2.0)
      reline (>= 0.0.1)
    method_source (0.9.2)
    monkey-hash (1.0.10)
      msgpack
    msgpack (1.3.1)
    pry (0.12.2)
      coderay (~> 1.1.0)
      method_source (~> 0.9.0)
    pry-byebug (3.7.0)
      byebug (~> 11.0)
      pry (~> 0.10)
    reline (0.0.7)
    rspec (3.9.0)
      rspec-core (~> 3.9.0)
      rspec-expectations (~> 3.9.0)
      rspec-mocks (~> 3.9.0)
    rspec-core (3.9.0)
      rspec-support (~> 3.9.0)
    rspec-expectations (3.9.0)
      diff-lcs (>= 1.2.0, < 2.0)
      rspec-support (~> 3.9.0)
    rspec-mocks (3.9.0)
      diff-lcs (>= 1.2.0, < 2.0)
      rspec-support (~> 3.9.0)
    rspec-support (3.9.0)

PLATFORMS
  ruby

DEPENDENCIES
  cfgstore!
  irb!
  monkey-hash!
  pry!
  pry-byebug!
  rspec!

BUNDLED WITH
   2.1.1
