GEM
  remote: https://rubygems.org/
  remote: http://10.40.10.3:9292/
  specs:
    byebug (11.1.1)
    cfgstore (2.2.0)
      hashie
      monkey-hash
    coderay (1.1.2)
    diff-lcs (1.3)
    hashie (4.1.0)
    io-console (0.5.6)
    irb (1.2.3)
      reline (>= 0.0.1)
    method_source (1.0.0)
    monkey-hash (1.2.0)
      msgpack
    msgpack (1.3.3)
    pg (1.2.3)
    pry (0.13.0)
      coderay (~> 1.1)
      method_source (~> 1.0)
    pry-byebug (3.9.0)
      byebug (~> 11.0)
      pry (~> 0.13.0)
    reline (0.1.3)
      io-console (~> 0.5)
    rspec (3.9.0)
      rspec-core (~> 3.9.0)
      rspec-expectations (~> 3.9.0)
      rspec-mocks (~> 3.9.0)
    rspec-core (3.9.1)
      rspec-support (~> 3.9.1)
    rspec-expectations (3.9.1)
      diff-lcs (>= 1.2.0, < 2.0)
      rspec-support (~> 3.9.0)
    rspec-mocks (3.9.1)
      diff-lcs (>= 1.2.0, < 2.0)
      rspec-support (~> 3.9.0)
    rspec-support (3.9.2)
    sequel (5.31.0)

PLATFORMS
  ruby

DEPENDENCIES
  cfgstore!
  irb!
  monkey-hash!
  pg!
  pry!
  pry-byebug!
  rspec!
  sequel!

BUNDLED WITH
   2.1.4
