GEM
  remote: https://rubygems.org/
  specs:
    byebug (11.1.3)
    cfgstore (2.2.8)
      monkey-hash
    coderay (1.1.3)
    diff-lcs (1.4.4)
    io-console (0.5.7)
    irb (1.3.3)
      reline (>= 0.1.5)
    method_source (1.0.0)
    mini_portile2 (2.5.0)
    monkey-hash (1.4.2)
      msgpack
      nokogiri
      nori
    msgpack (1.4.2)
    nokogiri (1.11.1)
      mini_portile2 (~> 2.5.0)
      racc (~> 1.4)
    nori (2.6.0)
    pg (1.2.3)
    pry (0.13.1)
      coderay (~> 1.1)
      method_source (~> 1.0)
    pry-byebug (3.9.0)
      byebug (~> 11.0)
      pry (~> 0.13.0)
    racc (1.5.2)
    reline (0.2.3)
      io-console (~> 0.5)
    rspec (3.10.0)
      rspec-core (~> 3.10.0)
      rspec-expectations (~> 3.10.0)
      rspec-mocks (~> 3.10.0)
    rspec-core (3.10.1)
      rspec-support (~> 3.10.0)
    rspec-expectations (3.10.1)
      diff-lcs (>= 1.2.0, < 2.0)
      rspec-support (~> 3.10.0)
    rspec-mocks (3.10.2)
      diff-lcs (>= 1.2.0, < 2.0)
      rspec-support (~> 3.10.0)
    rspec-support (3.10.2)
    sequel (5.41.0)

PLATFORMS
  ruby

DEPENDENCIES
  cfgstore!
  irb!
  monkey-hash!
  pg!
  pry!
  pry-byebug!
  rspec!
  sequel!

BUNDLED WITH
   2.1.4
